GEM
  remote: https://rubygems.org/
  specs:
    atoulme-Antwrap (0.7.5)
      rjb (>= 1.0.3)
    atoulme-Antwrap (0.7.5-java)
    bouncy-castle-java (1.5.0147)
    builder (3.2.2)
    buildr (1.4.22)
      atoulme-Antwrap (= 0.7.5)
      builder (= 3.2.2)
      bundler
      diff-lcs (= 1.2.4)
      hoe (= 3.7.1)
      json_pure (= 1.8.0)
      minitar (= 0.5.4)
      net-sftp (= 2.1.2)
      net-ssh (= 2.7.0)
      orderedhash (= 0.0.6)
      rake (= 0.9.2.2)
      rjb (= 1.5.1)
      rubyzip (= 0.9.9)
      xml-simple (= 1.1.2)
    buildr (1.4.22-java)
      atoulme-Antwrap (= 0.7.5)
      builder (= 3.2.2)
      bundler
      diff-lcs (= 1.2.4)
      hoe (= 3.7.1)
      jruby-openssl (~> 0.8.2)
      jruby-pageant (= 1.1.1)
      json_pure (= 1.8.0)
      minitar (= 0.5.4)
      net-sftp (= 2.1.2)
      net-ssh (= 2.7.0)
      orderedhash (= 0.0.6)
      rake (= 0.9.2.2)
      rubyzip (= 0.9.9)
      xml-simple (= 1.1.2)
    diff-lcs (1.2.4)
    hoe (3.7.1)
      rake (>= 0.8, < 11.0)
    jruby-openssl (0.8.10)
      bouncy-castle-java (>= 1.5.0147)
    jruby-pageant (1.1.1-java)
    json_pure (1.8.0)
    minitar (0.5.4)
    net-sftp (2.1.2)
      net-ssh (>= 2.6.5)
    net-ssh (2.7.0)
    orderedhash (0.0.6)
    rake (0.9.2.2)
    rjb (1.5.1)
    rubyzip (0.9.9)
    xml-simple (1.1.2)

PLATFORMS
  java
  ruby

DEPENDENCIES
  buildr (>= 1.4.21)
