GEM
  remote: https://rubygems.org/
  specs:
    atoulme-Antwrap (0.7.5)
      rjb (>= 1.0.3)
    builder (3.2.2)
    buildr (1.5.0)
      atoulme-Antwrap (= 0.7.5)
      builder (= 3.2.2)
      bundler
      diff-lcs (= 1.2.5)
      hoe (= 3.15.0)
      json_pure (= 1.8.3)
      minitar (= 0.5.4)
      net-sftp (= 2.1.2)
      net-ssh (= 3.1.1)
      orderedhash (= 0.0.6)
      rake (= 0.9.2.2)
      rjb (= 1.5.4)
      rubyzip (= 1.2.0)
      xml-simple (= 1.1.5)
    diff-lcs (1.2.5)
    hoe (3.15.0)
      rake (>= 0.8, < 12.0)
    json_pure (1.8.3)
    minitar (0.5.4)
    net-sftp (2.1.2)
      net-ssh (>= 2.6.5)
    net-ssh (3.1.1)
    orderedhash (0.0.6)
    rake (0.9.2.2)
    rjb (1.5.4)
    rubyzip (1.2.0)
    xml-simple (1.1.5)

PLATFORMS
  java
  ruby

DEPENDENCIES
  buildr (>= 1.5)
